GEM
  remote: https://rubygems.org/
  specs:
    minitest (5.14.0)
    mock_redis (0.22.0)
    redis (4.1.3)

PLATFORMS
  ruby

DEPENDENCIES
  minitest
  mock_redis
  redis

BUNDLED WITH
   2.1.4
